GEM
  remote: https://rubygems.org/
  specs:
    abstract_type (0.0.7)
    adamantium (0.2.0)
      ice_nine (~> 0.11.0)
      memoizable (~> 0.4.0)
    ast (2.0.0)
    byebug (3.5.1)
      columnize (~> 0.8)
      debugger-linecache (~> 1.2)
      slop (~> 3.6)
    cane (2.6.2)
      parallel
    columnize (0.9.0)
    concord (0.1.5)
      adamantium (~> 0.2.0)
      equalizer (~> 0.0.9)
    debugger-linecache (1.2.0)
    diff-lcs (1.2.5)
    equalizer (0.0.9)
    ice_nine (0.11.1)
    memoizable (0.4.2)
      thread_safe (~> 0.3, >= 0.3.1)
    minitest (5.5.0)
    parallel (1.3.3)
    parser (2.2.0.2)
      ast (>= 1.1, < 3.0)
    procto (0.0.2)
    rainbow (2.0.0)
    rake (10.4.2)
    reek (1.6.3)
      parser (~> 2.2.0.pre.7)
      rainbow (>= 1.99, < 3.0)
      unparser (~> 0.2.2)
    ruby-prof (0.15.3)
    slop (3.6.0)
    thread_safe (0.3.4)
    unparser (0.2.2)
      abstract_type (~> 0.0.7)
      adamantium (~> 0.2.0)
      concord (~> 0.1.5)
      diff-lcs (~> 1.2.5)
      equalizer (~> 0.0.9)
      parser (~> 2.2.0.2)
      procto (~> 0.0.2)

PLATFORMS
  ruby

DEPENDENCIES
  byebug
  cane
  minitest
  rake
  reek
  ruby-prof
